PATH
  remote: .
  specs:
    github_changelog_entry (0.1.0)
      octokit (~> 4.0)
      paint
      rest-client
      thor

GEM
  remote: https://rubygems.org/
  specs:
    addressable (2.5.2)
      public_suffix (>= 2.0.2, < 4.0)
    byebug (11.0.0)
    domain_name (0.5.20180417)
      unf (>= 0.0.5, < 1.0.0)
    faraday (0.15.4)
      multipart-post (>= 1.2, < 3)
    http-cookie (1.0.3)
      domain_name (~> 0.5)
    mime-types (3.2.2)
      mime-types-data (~> 3.2015)
    mime-types-data (3.2018.0812)
    minitest (5.11.3)
    multipart-post (2.0.0)
    netrc (0.11.0)
    octokit (4.14.0)
      sawyer (~> 0.8.0, >= 0.5.3)
    paint (2.1.0)
    public_suffix (3.0.3)
    rake (13.0.3)
    rest-client (2.0.2)
      http-cookie (>= 1.0.2, < 2.0)
      mime-types (>= 1.16, < 4.0)
      netrc (~> 0.8)
    sawyer (0.8.1)
      addressable (>= 2.3.5, < 2.6)
      faraday (~> 0.8, < 1.0)
    thor (0.20.3)
    unf (0.1.4)
      unf_ext
    unf_ext (0.0.7.5)

PLATFORMS
  ruby

DEPENDENCIES
  bundler (~> 2.0)
  byebug
  github_changelog_entry!
  minitest (~> 5.0)
  rake (~> 13.0)

BUNDLED WITH
   2.0.1
